GEM
  remote: https://rubygems.org/
  specs:
    chunky_png (1.4.0)
    curses (1.4.4)
    drawille (0.3.3)
      curses

PLATFORMS
  arm64-darwin-22

DEPENDENCIES
  chunky_png (~> 1.4)
  drawille (~> 0.3.3)

BUNDLED WITH
   2.2.3
